GEM
  remote: https://rubygems.org/
  specs:
    activemodel (4.2.7.1)
      activesupport (= 4.2.7.1)
      builder (~> 3.1)
    activerecord (4.2.7.1)
      activemodel (= 4.2.7.1)
      activesupport (= 4.2.7.1)
      arel (~> 6.0)
    activesupport (4.2.7.1)
      i18n (~> 0.7)
      json (~> 1.7, >= 1.7.7)
      minitest (~> 5.1)
      thread_safe (~> 0.3, >= 0.3.4)
      tzinfo (~> 1.1)
    arel (6.0.4)
    aws-sdk (2.7.11)
      aws-sdk-resources (= 2.7.11)
    aws-sdk-core (2.7.11)
      aws-sigv4 (~> 1.0)
      jmespath (~> 1.0)
    aws-sdk-resources (2.7.11)
      aws-sdk-core (= 2.7.11)
    aws-sigv4 (1.0.0)
    builder (3.2.3)
    byebug (9.0.6)
    coderay (1.1.1)
    dotenv (2.2.0)
    i18n (0.8.0)
    jmespath (1.3.1)
    json (1.8.6)
    logger (1.2.8)
    mail (2.6.4)
      mime-types (>= 1.16, < 4)
    method_source (0.8.2)
    mime-types (3.1)
      mime-types-data (~> 3.2015)
    mime-types-data (3.2016.0521)
    minitest (5.10.1)
    pry (0.10.4)
      coderay (~> 1.1.0)
      method_source (~> 0.8.1)
      slop (~> 3.4)
    pry-byebug (3.4.2)
      byebug (~> 9.0)
      pry (~> 0.10)
    rack (1.6.5)
    rack-protection (1.5.3)
      rack
    sinatra (1.4.8)
      rack (~> 1.5)
      rack-protection (~> 1.4)
      tilt (>= 1.3, < 3)
    slop (3.6.0)
    thread_safe (0.3.5)
    tilt (2.0.6)
    tzinfo (1.2.2)
      thread_safe (~> 0.1)

PLATFORMS
  ruby

DEPENDENCIES
  activerecord (~> 4.2, >= 4.2.6)
  aws-sdk (~> 2.7, >= 2.7.11)
  dotenv (~> 2.2)
  logger (~> 1.2, >= 1.2.8)
  mail (~> 2.6, >= 2.6.4)
  pry (~> 0.10.4)
  pry-byebug (~> 3.4, >= 3.4.2)
  sinatra (~> 1.4, >= 1.4.8)

BUNDLED WITH
   1.12.5
